GEM
  remote: https://rubygems.org/
  specs:
    ast (2.4.2)
    base64 (0.2.0)
    json (2.7.1)
    parallel (1.24.0)
    parser (3.2.2.3)
      ast (~> 2.4.1)
      racc
    racc (1.7.3)
    rainbow (3.1.1)
    regexp_parser (2.7.0)
    rexml (3.2.6)
    rubocop (1.48.1)
      json (~> 2.3)
      parallel (~> 1.10)
      parser (>= 3.2.0.0)
      rainbow (>= 2.2.2, < 4.0)
      regexp_parser (>= 1.8, < 3.0)
      rexml (>= 3.2.5, < 4.0)
      rubocop-ast (>= 1.26.0, < 2.0)
      ruby-progressbar (~> 1.7)
      unicode-display_width (>= 2.4.0, < 3.0)
    rubocop-ast (1.27.0)
      parser (>= 3.2.1.0)
    ruby-progressbar (1.13.0)
    sorbet (0.5.11439)
      sorbet-static (= 0.5.11439)
    sorbet-runtime (0.5.11439)
    sorbet-static (0.5.11439-aarch64-linux)
    sorbet-static (0.5.11439-universal-darwin)
    sorbet-static (0.5.11439-x86_64-linux)
    unicode-display_width (2.4.2)

PLATFORMS
  aarch64-linux
  universal-darwin
  x86_64-linux

DEPENDENCIES
  base64
  rubocop
  sorbet
  sorbet-runtime

BUNDLED WITH
   2.5.10
